GEM
  remote: https://rubygems.org/
  specs:
    activesupport (4.2.3)
      i18n (~> 0.7)
      json (~> 1.7, >= 1.7.7)
      minitest (~> 5.1)
      thread_safe (~> 0.3, >= 0.3.4)
      tzinfo (~> 1.1)
    attributor (4.0.0)
      hashie (~> 3)
      randexp (~> 0)
    aws-sdk (2.1.10)
      aws-sdk-resources (= 2.1.10)
    aws-sdk-core (2.1.10)
      jmespath (~> 1.0)
    aws-sdk-resources (2.1.10)
      aws-sdk-core (= 2.1.10)
    daemons (1.2.3)
    diff-lcs (1.2.5)
    eventmachine (1.0.7)
    harness (2.0.0)
      statsd-ruby
    hashie (3.4.2)
    i18n (0.7.0)
    jmespath (1.0.2)
      multi_json (~> 1.0)
    json (1.8.3)
    kgio (2.9.3)
    mime (0.4.2)
    minitest (5.7.0)
    multi_json (1.11.2)
    mustermann (0.4.0)
      tool (~> 0.2)
    praxis (0.17.0)
      activesupport (>= 3)
      attributor (>= 4.0.0)
      harness (~> 2)
      mime (~> 0)
      mustermann (~> 0)
      praxis-blueprints (>= 2.0.0)
      praxis-mapper (>= 4.0.0)
      rack (~> 1)
      terminal-table (~> 1.4)
      thor (~> 0.18)
    praxis-blueprints (2.0.1)
      activesupport (>= 3)
      attributor (>= 3.0)
      randexp (~> 0)
    praxis-mapper (4.0)
      activesupport (>= 3)
      randexp (~> 0)
      sequel (~> 4)
    rack (1.6.4)
    rainbows (4.6.2)
      kgio (~> 2.5)
      rack (~> 1.1)
      unicorn (~> 4.8)
    raindrops (0.15.0)
    rake (10.4.2)
    randexp (0.1.7)
    rspec (3.3.0)
      rspec-core (~> 3.3.0)
      rspec-expectations (~> 3.3.0)
      rspec-mocks (~> 3.3.0)
    rspec-core (3.3.2)
      rspec-support (~> 3.3.0)
    rspec-expectations (3.3.1)
      diff-lcs (>= 1.2.0, < 2.0)
      rspec-support (~> 3.3.0)
    rspec-mocks (3.3.2)
      diff-lcs (>= 1.2.0, < 2.0)
      rspec-support (~> 3.3.0)
    rspec-support (3.3.0)
    sequel (4.24.0)
    statsd-ruby (1.2.1)
    terminal-table (1.5.2)
    thin (1.6.3)
      daemons (~> 1.0, >= 1.0.9)
      eventmachine (~> 1.0)
      rack (~> 1.0)
    thor (0.19.1)
    thread_safe (0.3.5)
    tool (0.2.3)
    tzinfo (1.2.2)
      thread_safe (~> 0.1)
    unicorn (4.9.0)
      kgio (~> 2.6)
      rack
      raindrops (~> 0.7)

PLATFORMS
  ruby

DEPENDENCIES
  aws-sdk (~> 2.0)
  praxis
  rainbows
  rake
  rspec
  thin
